GIT
  remote: https://github.com/cbetta/letsencrypt-rails-heroku.git
  revision: 2ee55e0805f00b41fe01459eaaabf982498e7d30
  specs:
    letsencrypt-rails-heroku (1.2.0)
      acme-client (~> 0.4.0)
      platform-api

GIT
  remote: https://github.com/jalada/platform-api.git
  revision: 4a06e57bd32d805248f3b8e1358ed4833296c659
  branch: master
  specs:
    platform-api (0.8.0)
      heroics (~> 0.0.17)

GEM
  remote: https://rubygems.org/
  specs:
    acme-client (0.4.1)
      faraday (~> 0.9, >= 0.9.1)
    erubis (2.7.0)
    excon (0.92.3)
    faraday (0.17.5)
      multipart-post (>= 1.2, < 3)
    heroics (0.0.25)
      erubis (~> 2.0)
      excon
      moneta
      multi_json (>= 1.9.2)
    moneta (1.5.1)
    multi_json (1.15.0)
    multipart-post (2.1.1)
    mustermann (1.1.1)
      ruby2_keywords (~> 0.0.1)
    rack (2.2.3)
    rack-protection (2.2.0)
      rack
    rack-ssl-enforcer (0.2.9)
    rake (11.3.0)
    ruby2_keywords (0.0.5)
    sinatra (2.2.0)
      mustermann (~> 1.0)
      rack (~> 2.2)
      rack-protection (= 2.2.0)
      tilt (~> 2.0)
    tilt (2.0.10)

PLATFORMS
  ruby

DEPENDENCIES
  letsencrypt-rails-heroku!
  platform-api!
  rack-ssl-enforcer
  rake
  sinatra

BUNDLED WITH
   1.13.6
